PATH
  remote: .
  specs:
    config_parser (0.5.1)
      lazydoc (~> 1.0)

GEM
  remote: http://rubygems.org/
  specs:
    lazydoc (1.0)

PLATFORMS
  ruby

DEPENDENCIES
  bundler (~> 1.0)
  config_parser!
  lazydoc (~> 1.0)
